GEM
  remote: https://rubygems.org/
  specs:
    activesupport (3.2.22.5)
      i18n (~> 0.6, >= 0.6.4)
      multi_json (~> 1.0)
    i18n (0.7.0)
    mini_portile2 (2.4.0)
    multi_json (1.12.1)
    nokogiri (1.10.1)
      mini_portile2 (~> 2.4.0)
    open-uri-cached (0.0.5)

PLATFORMS
  ruby

DEPENDENCIES
  activesupport
  nokogiri
  open-uri-cached

RUBY VERSION
   ruby 2.4.0p0

BUNDLED WITH
   1.14.3
